PATH
  remote: .
  specs:
    track_history (0.0.10)

GEM
  remote: http://rubygems.org/
  specs:

PLATFORMS
  ruby

DEPENDENCIES
  track_history (= 0.0.10)!
