PATH
  remote: .
  specs:
    track_history (0.0.6)

GEM
  remote: http://rubygems.org/
  specs:
    mysql (2.8.1)
    rspec (1.3.1)

PLATFORMS
  ruby

DEPENDENCIES
  mysql
  rspec (~> 1.3)
  track_history (= 0.0.6)!
